PATH
  remote: .
  specs:
    superavatar (0.0.0)

GEM
  remote: https://rubygems.org/
  specs:
    minitest (5.18.0)
    rake (13.0.6)

PLATFORMS
  x86_64-linux

DEPENDENCIES
  minitest
  rake
  superavatar!

BUNDLED WITH
   2.4.8
